PATH
  remote: .
  specs:
    rusty_lru (0.1.0)
      rutie (~> 0.0.3)

GEM
  remote: https://rubygems.org/
  specs:
    diff-lcs (1.3)
    irb (1.0.0)
    lru_redux (1.1.0)
    moneta (1.1.1)
    rake (10.5.0)
    rspec (3.8.0)
      rspec-core (~> 3.8.0)
      rspec-expectations (~> 3.8.0)
      rspec-mocks (~> 3.8.0)
    rspec-core (3.8.2)
      rspec-support (~> 3.8.0)
    rspec-expectations (3.8.4)
      diff-lcs (>= 1.2.0, < 2.0)
      rspec-support (~> 3.8.0)
    rspec-mocks (3.8.1)
      diff-lcs (>= 1.2.0, < 2.0)
      rspec-support (~> 3.8.0)
    rspec-support (3.8.2)
    rutie (0.0.4)

PLATFORMS
  ruby

DEPENDENCIES
  bundler (~> 2.0)
  irb (~> 1.0.0)
  lru_redux (~> 1.1)
  moneta (~> 1.1.0)
  rake (~> 10.0)
  rspec (~> 3.0)
  rusty_lru!

BUNDLED WITH
   2.0.2
